GEM
  remote: https://rubygems.org/
  specs:
    power_assert (2.0.2)
    test-unit (3.5.5)
      power_assert

PLATFORMS
  aarch64-linux

DEPENDENCIES
  test-unit

BUNDLED WITH
   2.3.26
